NUGET
  remote: http://tcs-buildserver.westeurope.cloudapp.azure.com/guestAuth/app/nuget/v1/FeedService.svc
    PackageA (1.0.0)
  remote: https://www.nuget.org/api/v2
    FAKE (3.36.0)
    NUnit.Runners (2.6.4)
    NUnit (2.6.4)
